GEM
  remote: https://rubygems.org/
  specs:
    backports (3.6.4)
    builder (3.2.2)
    httpclient (2.5.3.3)
    json (1.8.1)
    jwt (1.5.4)
    multi_json (1.10.1)
    passenger (5.0.30)
      rack
      rake (>= 0.8.1)
    rack (1.5.2)
    rack-protection (1.5.3)
      rack
    rack-test (0.6.2)
      rack (>= 1.0)
    rake (11.2.2)
    sinatra (1.4.5)
      rack (~> 1.4)
      rack-protection (~> 1.4)
      tilt (~> 1.3, >= 1.3.4)
    sinatra-contrib (1.4.2)
      backports (>= 2.0)
      multi_json
      rack-protection
      rack-test
      sinatra (~> 1.4.0)
      tilt (~> 1.3)
    tilt (1.4.1)
    twilio-ruby (4.12.1)
      builder (>= 2.1.2)
      jwt (~> 1.0)
      multi_json (>= 1.3.0)

PLATFORMS
  ruby

DEPENDENCIES
  httpclient (= 2.5.3.3)
  json (= 1.8.1)
  passenger (>= 5.0.11)
  sinatra (= 1.4.5)
  sinatra-contrib (= 1.4.2)
  twilio-ruby

RUBY VERSION
   ruby 2.1.4p265

BUNDLED WITH
   1.12.5
